PATH
  remote: .
  specs:
    flowplayer (0.0.6)
      json

GEM
  specs:
    diff-lcs (1.1.2)
    json (1.5.1)
    mocha (0.9.12)
    nokogiri (1.4.4)
    rspec (2.0.1)
      rspec-core (~> 2.0.1)
      rspec-expectations (~> 2.0.1)
      rspec-mocks (~> 2.0.1)
    rspec-core (2.0.1)
    rspec-expectations (2.0.1)
      diff-lcs (>= 1.1.2)
    rspec-mocks (2.0.1)
      rspec-core (~> 2.0.1)
      rspec-expectations (~> 2.0.1)

PLATFORMS
  ruby

DEPENDENCIES
  bundler (>= 1.0.0)
  flowplayer!
  mocha
  nokogiri
  rspec (~> 2.0.0)
