PATH
  remote: .
  specs:
    flowplayer-rails (0.1.3)
      json

GEM
  remote: https://rubygems.org/
  specs:
    diff-lcs (1.1.3)
    json (1.7.7)
    mocha (0.9.12)
    nokogiri (1.4.4)
    rake (10.0.3)
    rspec (2.4.0)
      rspec-core (~> 2.4.0)
      rspec-expectations (~> 2.4.0)
      rspec-mocks (~> 2.4.0)
    rspec-core (2.4.0)
    rspec-expectations (2.4.0)
      diff-lcs (~> 1.1.2)
    rspec-mocks (2.4.0)

PLATFORMS
  ruby

DEPENDENCIES
  bundler (>= 1.0.0)
  flowplayer-rails!
  mocha
  nokogiri
  rake
  rspec (~> 2.4.0)
